PATH
  remote: /home/sam/Source/MiniProfiler
  specs:
    rack-mini-profiler (0.1.25)
      rack (>= 1.1.3)

GEM
  remote: http://rubygems.org/
  specs:
    ZenTest (4.9.0)
    activemodel (3.2.12)
      activesupport (= 3.2.12)
      builder (~> 3.0.0)
    activerecord (3.2.12)
      activemodel (= 3.2.12)
      activesupport (= 3.2.12)
      arel (~> 3.0.2)
      tzinfo (~> 0.3.29)
    activesupport (3.2.12)
      i18n (~> 0.6)
      multi_json (~> 1.0)
    arel (3.0.2)
    autotest (4.4.6)
      ZenTest (>= 4.4.1)
    builder (3.0.4)
    commonjs (0.2.6)
    dalli (2.6.2)
    diff-lcs (1.2.1)
    i18n (0.6.4)
    less (2.3.1)
      commonjs (~> 0.2.6)
    libv8 (3.11.8.13)
    multi_json (1.6.1)
    rack (1.5.2)
    rack-test (0.6.2)
      rack (>= 1.0)
    rake (10.0.3)
    redis (3.0.3)
    ref (1.0.2)
    rspec (2.13.0)
      rspec-core (~> 2.13.0)
      rspec-expectations (~> 2.13.0)
      rspec-mocks (~> 2.13.0)
    rspec-core (2.13.1)
    rspec-expectations (2.13.0)
      diff-lcs (>= 1.1.3, < 2.0)
    rspec-mocks (2.13.0)
    therubyracer (0.11.4)
      libv8 (~> 3.11.8.12)
      ref
    tzinfo (0.3.37)

PLATFORMS
  ruby

DEPENDENCIES
  ZenTest
  activerecord (~> 3.0)
  autotest
  dalli
  less
  rack
  rack-mini-profiler!
  rack-test
  rake
  redis
  rspec
  therubyracer
